GEM
  remote: http://rubygems.org/
  specs:
    sequel (3.11.0)
    simple_lockfile (1.1.1)
    yajl-ruby (0.7.8)

PLATFORMS
  ruby

DEPENDENCIES
  sequel (= 3.11.0)
  simple_lockfile (= 1.1.1)
  yajl-ruby (= 0.7.8)
