GEM
  remote: http://rubygems.org/
  specs:
    mime-types (1.16)
    rest-client (1.6.1)
      mime-types (>= 1.16)
    yajl-ruby (0.7.9)

PLATFORMS
  ruby

DEPENDENCIES
  rest-client (= 1.6.1)
  yajl-ruby (= 0.7.9)
